GEM
  remote: http://rubygems.org/
  specs:
    hoe (2.9.4)
      rake (>= 0.8.7)
    hoe-gemspec (1.0.0)
      hoe (>= 2.2.0)
    hoe-mercurial (1.2.1)
      hoe (~> 2.9)
    hoe-yard (0.1.2)
      yard (>= 0.2.3.1)
    rake (0.8.7)
    yard (0.6.8)

PLATFORMS
  ruby

DEPENDENCIES
  hoe
  hoe-gemspec
  hoe-mercurial
  hoe-yard
